GEM
  remote: https://rubygems.org/
  specs:
    connection_pool (2.3.0)
    daemons (1.4.1)
    dalli (3.2.3)
    eventmachine (1.2.7)
    mustermann (3.0.0)
      ruby2_keywords (~> 0.0.1)
    rack (2.2.6.4)
    rack-protection (3.0.3)
      rack
    rake (13.0.6)
    redis (5.0.5)
      redis-client (>= 0.9.0)
    redis-client (0.11.1)
      connection_pool
    rollbar (3.3.2)
    ruby2_keywords (0.0.5)
    sinatra (3.0.3)
      mustermann (~> 3.0)
      rack (~> 2.2, >= 2.2.4)
      rack-protection (= 3.0.3)
      tilt (~> 2.0)
    thin (1.8.1)
      daemons (~> 1.0, >= 1.0.9)
      eventmachine (~> 1.0, >= 1.0.4)
      rack (>= 1, < 3)
    tilt (2.0.11)

PLATFORMS
  ruby

DEPENDENCIES
  dalli
  rake
  redis
  rollbar
  sinatra
  thin

RUBY VERSION
   ruby 2.7.6p219

BUNDLED WITH
   2.3.25
