GEM
  remote: https://rubygems.org/
  specs:
    daemons (1.1.9)
    dalli (2.7.2)
    eventmachine (1.0.4)
    multi_json (1.12.1)
    rack (1.6.0)
    rack-protection (1.5.3)
      rack
    rake (10.0.3)
    rollbar (2.14.0)
      multi_json
    sinatra (1.4.5)
      rack (~> 1.4)
      rack-protection (~> 1.4)
      tilt (~> 1.3, >= 1.3.4)
    thin (1.6.3)
      daemons (~> 1.0, >= 1.0.9)
      eventmachine (~> 1.0)
      rack (~> 1.0)
    tilt (1.4.1)

PLATFORMS
  ruby

DEPENDENCIES
  dalli
  rake
  rollbar
  sinatra
  thin

RUBY VERSION
   ruby 2.3.3p222

BUNDLED WITH
   1.14.3
