GEM
  remote: https://rubygems.org/
  specs:
    daemons (1.4.1)
    dalli (3.2.3)
    eventmachine (1.2.7)
    mustermann (3.0.0)
      ruby2_keywords (~> 0.0.1)
    rack (2.2.4)
    rack-protection (3.0.3)
      rack
    rake (13.0.6)
    rollbar (3.3.2)
    ruby2_keywords (0.0.5)
    sinatra (3.0.3)
      mustermann (~> 3.0)
      rack (~> 2.2, >= 2.2.4)
      rack-protection (= 3.0.3)
      tilt (~> 2.0)
    thin (1.8.1)
      daemons (~> 1.0, >= 1.0.9)
      eventmachine (~> 1.0, >= 1.0.4)
      rack (>= 1, < 3)
    tilt (2.0.11)

PLATFORMS
  ruby

DEPENDENCIES
  dalli
  rake
  rollbar
  sinatra
  thin

RUBY VERSION
   ruby 2.6.5p114

BUNDLED WITH
   1.17.2
